GEM
  remote: http://rubygems.org/
  specs:
    colorize (0.8.1)
    dotenv (2.5.0)
    erubis (2.7.0)
    excon (0.71.0)
    heroics (0.0.25)
      erubis (~> 2.0)
      excon
      moneta
      multi_json (>= 1.9.2)
    heroku-api-postgres (0.10.0)
      platform-api
    moneta (1.0.0)
    multi_json (1.13.1)
    parallel (1.12.1)
    platform-api (2.2.0)
      heroics (~> 0.0.25)
      moneta (~> 1.0.0)

PLATFORMS
  ruby

DEPENDENCIES
  colorize (~> 0.8)
  dotenv (~> 2.5)
  heroku-api-postgres (~> 0.10)
  parallel (~> 1.12)

RUBY VERSION
   ruby 2.5.3p105

BUNDLED WITH
   1.17.1
